GEM
  remote: https://rubygems.org/
  specs:
    activesupport (4.2.0)
      i18n (~> 0.7)
      json (~> 1.7, >= 1.7.7)
      minitest (~> 5.1)
      thread_safe (~> 0.3, >= 0.3.4)
      tzinfo (~> 1.1)
    addressable (2.3.7)
    buftok (0.2.0)
    daemons (1.1.9)
    dotenv (1.0.2)
    equalizer (0.0.9)
    eventmachine (1.0.7)
    faraday (0.9.1)
      multipart-post (>= 1.2, < 3)
    ffi (1.9.6)
    http (0.6.3)
      http_parser.rb (~> 0.6.0)
    http_parser.rb (0.6.0)
    i18n (0.7.0)
    ikku (0.0.4)
      natto
    json (1.8.2)
    mem (0.1.5)
    memoizable (0.4.2)
      thread_safe (~> 0.3, >= 0.3.1)
    minitest (5.5.1)
    multipart-post (2.0.0)
    natto (0.9.8)
      ffi (>= 1.9.0)
    naught (1.0.0)
    rack (1.6.0)
    ruboty (1.1.6)
      activesupport
      bundler
      dotenv
      mem
      slop (>= 4.0.0)
    ruboty-kokodeikku (0.0.3)
      ikku (>= 0.0.4)
      ruboty
    ruboty-twitter (0.0.5)
      activesupport
      ruboty
      twitter (>= 5.0.0)
    simple_oauth (0.2.0)
    slop (4.0.0)
    thin (1.6.3)
      daemons (~> 1.0, >= 1.0.9)
      eventmachine (~> 1.0)
      rack (~> 1.0)
    thread_safe (0.3.4)
    twitter (5.11.0)
      addressable (~> 2.3)
      buftok (~> 0.2.0)
      equalizer (~> 0.0.9)
      faraday (~> 0.9.0)
      http (~> 0.6.0)
      http_parser.rb (~> 0.6.0)
      json (~> 1.8)
      memoizable (~> 0.4.0)
      naught (~> 1.0)
      simple_oauth (~> 0.2.0)
    tzinfo (1.2.2)
      thread_safe (~> 0.1)

PLATFORMS
  ruby

DEPENDENCIES
  ruboty-kokodeikku
  ruboty-twitter
  thin
  twitter (= 5.11.0)
